PATH
  remote: .
  specs:
    bourbon (3.1.1)
      sass (>= 3.2.0)
      thor

GEM
  remote: http://rubygems.org/
  specs:
    albino (1.3.3)
      posix-spawn (>= 0.3.6)
    aruba (0.4.11)
      childprocess (>= 0.2.3)
      cucumber (>= 1.1.1)
      ffi (>= 1.0.11)
      rspec (>= 2.7.0)
    builder (3.0.0)
    childprocess (0.3.1)
      ffi (~> 1.0.6)
    classifier (1.3.3)
      fast-stemmer (>= 1.0.0)
    cucumber (1.1.9)
      builder (>= 2.1.2)
      diff-lcs (>= 1.1.2)
      gherkin (~> 2.9.0)
      json (>= 1.4.6)
      term-ansicolor (>= 1.0.6)
    diff-lcs (1.1.3)
    directory_watcher (1.4.1)
    fast-stemmer (1.0.2)
    ffi (1.0.11)
    gherkin (2.9.0)
      json (>= 1.4.6)
    jekyll (0.12.1)
      classifier (~> 1.3)
      directory_watcher (~> 1.1)
      kramdown (~> 0.14)
      liquid (~> 2.3)
      maruku (~> 0.5)
      pygments.rb (~> 0.3.2)
    json (1.6.5)
    kramdown (0.14.2)
    liquid (2.4.1)
    maruku (0.6.1)
      syntax (>= 1.0.0)
    nokogiri (1.5.6)
    posix-spawn (0.3.6)
    pygments.rb (0.3.7)
      posix-spawn (~> 0.3.6)
      yajl-ruby (~> 1.1.0)
    rake (0.9.2.2)
    rspec (2.8.0)
      rspec-core (~> 2.8.0)
      rspec-expectations (~> 2.8.0)
      rspec-mocks (~> 2.8.0)
    rspec-core (2.8.0)
    rspec-expectations (2.8.0)
      diff-lcs (~> 1.1.2)
    rspec-mocks (2.8.0)
    sass (3.2.6)
    sqlite3 (1.3.7)
    syntax (1.0.0)
    term-ansicolor (1.0.7)
    thor (0.17.0)
    yajl-ruby (1.1.0)

PLATFORMS
  ruby

DEPENDENCIES
  albino
  aruba (~> 0.4)
  bourbon!
  jekyll
  nokogiri
  rake
  sqlite3
